GIT
  remote: https://github.com/scarpe-team/scarpe.git
  revision: 8156d76041e011164aab0fa07ea6b964f6d35c00
  specs:
    scarpe (0.3.0)
      bloops (~> 0.5)
      fastimage
      lacci
      logging (~> 2.3.1)
      nokogiri
      scarpe-components
      sqlite3
      webrick
      webview_ruby (~> 0.1.1)

GIT
  remote: https://github.com/scarpe-team/scarpe.git
  revision: 8156d76041e011164aab0fa07ea6b964f6d35c00
  glob: lacci/*.gemspec
  specs:
    lacci (0.3.0)
      scarpe-components

GIT
  remote: https://github.com/scarpe-team/scarpe.git
  revision: 8156d76041e011164aab0fa07ea6b964f6d35c00
  glob: scarpe-components/*.gemspec
  specs:
    scarpe-components (0.3.0)

PATH
  remote: ../..
  specs:
    shoes-spec (0.1.0)
      scarpe-components

GEM
  remote: https://rubygems.org/
  specs:
    ansi (1.5.0)
    bloops (0.5)
    builder (3.2.4)
    fastimage (2.2.7)
    ffi (1.16.3)
    ffi-compiler (1.0.1)
      ffi (>= 1.0.0)
      rake
    little-plugger (1.1.4)
    logging (2.3.1)
      little-plugger (~> 1.1)
      multi_json (~> 1.14)
    minitest (5.20.0)
    minitest-reporters (1.6.1)
      ansi
      builder
      minitest (>= 5.0)
      ruby-progressbar
    multi_json (1.15.0)
    nokogiri (1.15.5-x86_64-darwin)
      racc (~> 1.4)
    racc (1.7.3)
    rake (13.1.0)
    ruby-progressbar (1.13.0)
    sqlite3 (1.6.9-x86_64-darwin)
    webrick (1.8.1)
    webview_ruby (0.1.2)
      ffi
      ffi-compiler
      rake

PLATFORMS
  x86_64-darwin-19
  x86_64-darwin-22

DEPENDENCIES
  lacci!
  minitest
  minitest-reporters
  scarpe!
  scarpe-components!
  shoes-spec!

BUNDLED WITH
   2.4.14
