GIT
  remote: https://github.com/scarpe-team/scarpe.git
  revision: 3c094c49bf0e0720482ed06041bdb20dcba4ffdb
  specs:
    scarpe (0.4.0)
      bloops (~> 0.5)
      fastimage (~> 2.2.7)
      lacci (~> 0.4.0)
      logging (~> 2.3.1)
      nokogiri (~> 1.15.2)
      scarpe-components (~> 0.4.0)
      sqlite3 (~> 1.6.3)
      webrick (~> 1.7.0)
      webview_ruby (~> 0.1.1)

GIT
  remote: https://github.com/scarpe-team/scarpe.git
  revision: 3c094c49bf0e0720482ed06041bdb20dcba4ffdb
  glob: lacci/*.gemspec
  specs:
    lacci (0.4.0)
      scarpe-components (~> 0.4.0)

GIT
  remote: https://github.com/scarpe-team/scarpe.git
  revision: 3c094c49bf0e0720482ed06041bdb20dcba4ffdb
  glob: scarpe-components/*.gemspec
  specs:
    scarpe-components (0.4.0)

PATH
  remote: ../..
  specs:
    shoes-spec (0.1.0)
      scarpe-components

GEM
  remote: https://rubygems.org/
  specs:
    ansi (1.5.0)
    bloops (0.5)
    builder (3.2.4)
    fastimage (2.2.7)
    ffi (1.16.3)
    ffi-compiler (1.3.2)
      ffi (>= 1.15.5)
      rake
    little-plugger (1.1.4)
    logging (2.3.1)
      little-plugger (~> 1.1)
      multi_json (~> 1.14)
    minitest (5.22.3)
    minitest-reporters (1.6.1)
      ansi
      builder
      minitest (>= 5.0)
      ruby-progressbar
    multi_json (1.15.0)
    nokogiri (1.15.6-arm64-darwin)
      racc (~> 1.4)
    nokogiri (1.15.6-x86_64-darwin)
      racc (~> 1.4)
    racc (1.7.3)
    rake (13.2.1)
    ruby-progressbar (1.13.0)
    sqlite3 (1.6.9-arm64-darwin)
    sqlite3 (1.6.9-x86_64-darwin)
    webrick (1.7.0)
    webview_ruby (0.1.2)
      ffi
      ffi-compiler
      rake

PLATFORMS
  arm64-darwin-22
  x86_64-darwin-19
  x86_64-darwin-22

DEPENDENCIES
  lacci!
  minitest
  minitest-reporters
  scarpe!
  scarpe-components!
  shoes-spec!

BUNDLED WITH
   2.4.14
