GIT
  remote: https://github.com/scarpe-team/scarpe-wasm.git
  revision: ccbbd1d2bf9757035adf36161ec48e85ff2b649e
  specs:
    scarpe-wasm (0.1.0)
      lacci
      scarpe-components

GIT
  remote: https://github.com/scarpe-team/scarpe.git
  revision: b9a0c2c201900ae0d7f33bb71d9a5e76232bfaf8
  glob: lacci/*.gemspec
  specs:
    lacci (0.3.0)

GIT
  remote: https://github.com/scarpe-team/scarpe.git
  revision: b9a0c2c201900ae0d7f33bb71d9a5e76232bfaf8
  glob: scarpe-components/*.gemspec
  specs:
    scarpe-components (0.3.0)

PATH
  remote: ../../../../wasify
  specs:
    wasify (0.1.1)

PATH
  remote: ../../..
  specs:
    shoes-spec (0.1.0)
      scarpe-components

GEM
  remote: https://rubygems.org/
  specs:
    addressable (2.8.5)
      public_suffix (>= 2.0.2, < 6.0)
    ansi (1.5.0)
    builder (3.2.4)
    capybara (3.39.2)
      addressable
      matrix
      mini_mime (>= 0.1.3)
      nokogiri (~> 1.8)
      rack (>= 1.6.0)
      rack-test (>= 0.6.3)
      regexp_parser (>= 1.5, < 3.0)
      xpath (~> 3.2)
    matrix (0.4.2)
    mini_mime (1.1.5)
    mini_portile2 (2.8.5)
    minitest (5.20.0)
    minitest-reporters (1.6.1)
      ansi
      builder
      minitest (>= 5.0)
      ruby-progressbar
    nokogiri (1.15.4)
      mini_portile2 (~> 2.8.2)
      racc (~> 1.4)
    nokogiri (1.15.4-x86_64-darwin)
      racc (~> 1.4)
    public_suffix (5.0.3)
    racc (1.7.1)
    rack (3.0.8)
    rack-test (2.1.0)
      rack (>= 1.3)
    regexp_parser (2.8.2)
    rexml (3.2.6)
    ruby-progressbar (1.13.0)
    rubyzip (2.3.2)
    selenium-webdriver (4.14.0)
      rexml (~> 3.2, >= 3.2.5)
      rubyzip (>= 1.2.2, < 3.0)
      websocket (~> 1.0)
    webrick (1.8.1)
    websocket (1.2.10)
    xpath (3.2.0)
      nokogiri (~> 1.8)

PLATFORMS
  wasm32-unknown
  x86_64-darwin-22

DEPENDENCIES
  capybara
  lacci!
  minitest (~> 5.0)
  minitest-reporters
  scarpe-components!
  scarpe-wasm!
  selenium-webdriver
  shoes-spec!
  wasify!
  webrick

BUNDLED WITH
   2.4.14
