GIT
  remote: https://github.com/alawysdelta/wasify.git
  revision: 86229b2b5cfffb07491c95c1039844f8ea6b466a
  specs:
    wasify (0.1.1)

GIT
  remote: https://github.com/scarpe-team/scarpe-wasm.git
  revision: 45fda051d70ad09ea16bcd6ed552de9b58459d78
  specs:
    scarpe-wasm (0.1.0)
      lacci
      scarpe-components

GIT
  remote: https://github.com/scarpe-team/scarpe.git
  revision: a9e3c0aa9d1ab2b88d094dab0f3913a2479c5af1
  glob: lacci/*.gemspec
  specs:
    lacci (0.3.0)
      scarpe-components

GIT
  remote: https://github.com/scarpe-team/scarpe.git
  revision: a9e3c0aa9d1ab2b88d094dab0f3913a2479c5af1
  glob: scarpe-components/*.gemspec
  specs:
    scarpe-components (0.3.0)

PATH
  remote: ../..
  specs:
    shoes-spec (0.1.0)
      scarpe-components

GEM
  remote: https://rubygems.org/
  specs:
    addressable (2.8.5)
      public_suffix (>= 2.0.2, < 6.0)
    ansi (1.5.0)
    builder (3.2.4)
    capybara (3.39.2)
      addressable
      matrix
      mini_mime (>= 0.1.3)
      nokogiri (~> 1.8)
      rack (>= 1.6.0)
      rack-test (>= 0.6.3)
      regexp_parser (>= 1.5, < 3.0)
      xpath (~> 3.2)
    matrix (0.4.2)
    mini_mime (1.1.5)
    minitest (5.20.0)
    minitest-reporters (1.6.1)
      ansi
      builder
      minitest (>= 5.0)
      ruby-progressbar
    nokogiri (1.15.5-x86_64-darwin)
      racc (~> 1.4)
    public_suffix (5.0.4)
    racc (1.7.3)
    rack (3.0.8)
    rack-test (2.1.0)
      rack (>= 1.3)
    rake (13.1.0)
    regexp_parser (2.8.3)
    rexml (3.2.6)
    ruby-progressbar (1.13.0)
    rubyzip (2.3.2)
    selenium-webdriver (4.16.0)
      rexml (~> 3.2, >= 3.2.5)
      rubyzip (>= 1.2.2, < 3.0)
      websocket (~> 1.0)
    webrick (1.8.1)
    websocket (1.2.10)
    xpath (3.2.0)
      nokogiri (~> 1.8)

PLATFORMS
  x86_64-darwin-19
  x86_64-darwin-22

DEPENDENCIES
  capybara
  lacci!
  minitest (~> 5.0)
  minitest-reporters
  rake
  scarpe-components!
  scarpe-wasm!
  selenium-webdriver
  shoes-spec!
  wasify!
  webrick

BUNDLED WITH
   2.4.14
