GIT
  remote: https://github.com/alawysdelta/wasify.git
  revision: 50c2c2dbb8db40b9c3720533266deb1041bdc4cd
  branch: ruby_3_3_and_later_ruby_wasm
  specs:
    wasify (0.1.2)

GIT
  remote: https://github.com/scarpe-team/scarpe-wasm.git
  revision: e2c4cbfb9897ed49c59ef4ba42deb9e05d933ddd
  specs:
    scarpe-wasm (0.1.0)
      lacci
      scarpe-components

GIT
  remote: https://github.com/scarpe-team/scarpe.git
  revision: 3c094c49bf0e0720482ed06041bdb20dcba4ffdb
  glob: lacci/*.gemspec
  specs:
    lacci (0.4.0)
      scarpe-components (~> 0.4.0)

GIT
  remote: https://github.com/scarpe-team/scarpe.git
  revision: 3c094c49bf0e0720482ed06041bdb20dcba4ffdb
  glob: scarpe-components/*.gemspec
  specs:
    scarpe-components (0.4.0)

PATH
  remote: ../..
  specs:
    shoes-spec (0.1.0)
      scarpe-components

GEM
  remote: https://rubygems.org/
  specs:
    addressable (2.8.6)
      public_suffix (>= 2.0.2, < 6.0)
    ansi (1.5.0)
    base64 (0.2.0)
    builder (3.2.4)
    capybara (3.40.0)
      addressable
      matrix
      mini_mime (>= 0.1.3)
      nokogiri (~> 1.11)
      rack (>= 1.6.0)
      rack-test (>= 0.6.3)
      regexp_parser (>= 1.5, < 3.0)
      xpath (~> 3.2)
    matrix (0.4.2)
    mini_mime (1.1.5)
    minitest (5.22.3)
    minitest-reporters (1.6.1)
      ansi
      builder
      minitest (>= 5.0)
      ruby-progressbar
    nokogiri (1.16.4-arm64-darwin)
      racc (~> 1.4)
    nokogiri (1.16.4-x86_64-darwin)
      racc (~> 1.4)
    public_suffix (5.0.5)
    racc (1.7.3)
    rack (3.0.10)
    rack-test (2.1.0)
      rack (>= 1.3)
    rake (13.2.1)
    regexp_parser (2.9.0)
    rexml (3.2.6)
    ruby-progressbar (1.13.0)
    rubyzip (2.3.2)
    selenium-webdriver (4.20.1)
      base64 (~> 0.2)
      rexml (~> 3.2, >= 3.2.5)
      rubyzip (>= 1.2.2, < 3.0)
      websocket (~> 1.0)
    webrick (1.8.1)
    websocket (1.2.10)
    xpath (3.2.0)
      nokogiri (~> 1.8)

PLATFORMS
  arm64-darwin-22
  x86_64-darwin-19
  x86_64-darwin-22

DEPENDENCIES
  capybara
  lacci!
  minitest (~> 5.0)
  minitest-reporters
  rake
  scarpe-components!
  scarpe-wasm!
  selenium-webdriver
  shoes-spec!
  wasify!
  webrick

BUNDLED WITH
   2.4.14
