GIT
  remote: https://github.com/scarpe-team/gtk-scarpe.git
  revision: 7b6735eb20e97650caa1517d20df862c5b3a8ff5
  specs:
    gtk-scarpe (0.1.0)
      gtk4
      lacci (~> 0.4.0)
      logging
      scarpe-components (~> 0.4.0)

GIT
  remote: https://github.com/scarpe-team/scarpe.git
  revision: 3c094c49bf0e0720482ed06041bdb20dcba4ffdb
  glob: lacci/*.gemspec
  specs:
    lacci (0.4.0)
      scarpe-components (~> 0.4.0)

GIT
  remote: https://github.com/scarpe-team/scarpe.git
  revision: 3c094c49bf0e0720482ed06041bdb20dcba4ffdb
  glob: scarpe-components/*.gemspec
  specs:
    scarpe-components (0.4.0)

PATH
  remote: ../..
  specs:
    shoes-spec (0.1.0)
      scarpe-components

GEM
  remote: https://rubygems.org/
  specs:
    ansi (1.5.0)
    atk (4.2.2)
      glib2 (= 4.2.2)
    builder (3.2.4)
    cairo (1.17.13)
      native-package-installer (>= 1.0.3)
      pkg-config (>= 1.2.2)
      red-colors
    cairo-gobject (4.2.2)
      cairo (>= 1.16.2)
      glib2 (= 4.2.2)
    fiddle (1.1.2)
    gdk4 (4.2.2)
      cairo-gobject (= 4.2.2)
      gdk_pixbuf2 (= 4.2.2)
      pango (= 4.2.2)
    gdk_pixbuf2 (4.2.2)
      gio2 (= 4.2.2)
    gio2 (4.2.2)
      fiddle
      gobject-introspection (= 4.2.2)
    glib2 (4.2.2)
      native-package-installer (>= 1.0.3)
      pkg-config (>= 1.3.5)
    gobject-introspection (4.2.2)
      glib2 (= 4.2.2)
    gtk4 (4.2.2)
      atk (= 4.2.2)
      gdk4 (= 4.2.2)
    json (2.7.2)
    little-plugger (1.1.4)
    logging (2.3.1)
      little-plugger (~> 1.1)
      multi_json (~> 1.14)
    matrix (0.4.2)
    minitest (5.22.3)
    minitest-reporters (1.6.1)
      ansi
      builder
      minitest (>= 5.0)
      ruby-progressbar
    multi_json (1.15.0)
    native-package-installer (1.1.9)
    pango (4.2.2)
      cairo-gobject (= 4.2.2)
      gobject-introspection (= 4.2.2)
    pkg-config (1.5.6)
    rake (13.2.1)
    red-colors (0.4.0)
      json
      matrix
    ruby-progressbar (1.13.0)

PLATFORMS
  arm64-darwin-22
  ruby
  x86_64-darwin-22

DEPENDENCIES
  gtk-scarpe!
  lacci!
  minitest
  minitest-reporters
  rake
  scarpe-components!
  shoes-spec!

BUNDLED WITH
   2.5.3
